PATH
  remote: .
  specs:
    rack-api (0.2.2)
      activesupport (>= 3.0.0)
      rack (>= 1.0.0)
      rack-mount (>= 0.6.0)

GEM
  remote: http://rubygems.org/
  specs:
    activesupport (3.0.8)
    archive-tar-minitar (0.5.2)
    columnize (0.3.2)
    diff-lcs (1.1.2)
    linecache19 (0.5.12)
      ruby_core_source (>= 0.1.4)
    rack (1.3.0)
    rack-mount (0.8.1)
      rack (>= 1.0.0)
    rack-test (0.5.7)
      rack (>= 1.0)
    redis (2.2.0)
    rspec (2.6.0)
      rspec-core (~> 2.6.0)
      rspec-expectations (~> 2.6.0)
      rspec-mocks (~> 2.6.0)
    rspec-core (2.6.4)
    rspec-expectations (2.6.0)
      diff-lcs (~> 1.1.2)
    rspec-mocks (2.6.0)
    ruby-debug-base19 (0.11.25)
      columnize (>= 0.3.1)
      linecache19 (>= 0.5.11)
      ruby_core_source (>= 0.1.4)
    ruby-debug19 (0.11.6)
      columnize (>= 0.3.1)
      linecache19 (>= 0.5.11)
      ruby-debug-base19 (>= 0.11.19)
    ruby_core_source (0.1.5)
      archive-tar-minitar (>= 0.5.2)

PLATFORMS
  ruby

DEPENDENCIES
  rack-api!
  rack-test (~> 0.5.7)
  redis (~> 2.2.0)
  rspec (~> 2.6)
  ruby-debug19
